GIT
  remote: https://github.com/CocoaPods/CocoaPods.git
  revision: 1b3c88efe259a741d861d3b38de72389283024ec
  specs:
    cocoapods (1.6.0.beta.2)
      activesupport (>= 4.0.2, < 5)
      claide (>= 1.0.2, < 2.0)
      cocoapods-core (= 1.6.0.beta.2)
      cocoapods-deintegrate (>= 1.0.2, < 2.0)
      cocoapods-downloader (>= 1.2.2, < 2.0)
      cocoapods-plugins (>= 1.0.0, < 2.0)
      cocoapods-search (>= 1.0.0, < 2.0)
      cocoapods-stats (>= 1.0.0, < 2.0)
      cocoapods-trunk (>= 1.3.1, < 2.0)
      cocoapods-try (>= 1.1.0, < 2.0)
      colored2 (~> 3.1)
      escape (~> 0.0.4)
      fourflusher (~> 2.1.0)
      gh_inspector (~> 1.0)
      molinillo (~> 0.6.6)
      nap (~> 1.0)
      ruby-macho (~> 1.3, >= 1.3.1)
      xcodeproj (>= 1.7.0, < 2.0)

GIT
  remote: https://github.com/CocoaPods/Core.git
  revision: 0fc80df6a35412890e39bbe7be80cc260ff92093
  specs:
    cocoapods-core (1.6.0.beta.2)
      activesupport (>= 4.0.2, < 6)
      fuzzy_match (~> 2.0.4)
      nap (~> 1.0)

GEM
  remote: https://rubygems.org/
  specs:
    CFPropertyList (3.0.0)
    activesupport (4.2.11)
      i18n (~> 0.7)
      minitest (~> 5.1)
      thread_safe (~> 0.3, >= 0.3.4)
      tzinfo (~> 1.1)
    atomos (0.1.3)
    claide (1.0.2)
    cocoapods-deintegrate (1.0.2)
    cocoapods-downloader (1.2.2)
    cocoapods-plugins (1.0.0)
      nap
    cocoapods-search (1.0.0)
    cocoapods-stats (1.0.0)
    cocoapods-trunk (1.3.1)
      nap (>= 0.8, < 2.0)
      netrc (~> 0.11)
    cocoapods-try (1.1.0)
    colored2 (3.1.2)
    concurrent-ruby (1.1.4)
    cork (0.3.0)
      colored2 (~> 3.1)
    deep_merge (1.2.1)
    escape (0.0.4)
    fourflusher (2.1.0)
    fuzzy_match (2.0.4)
    gh_inspector (1.1.3)
    hooks (0.4.1)
      uber (~> 0.0.14)
    i18n (0.9.5)
      concurrent-ruby (~> 1.0)
    minitest (5.11.3)
    molinillo (0.6.6)
    nanaimo (0.2.6)
    nap (1.1.0)
    netrc (0.11.0)
    ruby-macho (1.3.1)
    thread_safe (0.3.6)
    tzinfo (1.2.5)
      thread_safe (~> 0.1)
    uber (0.0.15)
    xcake (0.9.0)
      activesupport (< 5)
      claide (>= 0.9.1, < 2.0)
      cork
      deep_merge
      hooks (~> 0.4.1)
      xcodeproj (>= 1.3.0, < 2.0.0)
    xcodeproj (1.7.0)
      CFPropertyList (>= 2.3.3, < 4.0)
      atomos (~> 0.1.3)
      claide (>= 1.0.2, < 2.0)
      colored2 (~> 3.1)
      nanaimo (~> 0.2.6)

PLATFORMS
  ruby

DEPENDENCIES
  cocoapods!
  cocoapods-core!
  xcake

BUNDLED WITH
   1.17.1
